GIT
  remote: https://github.com/esigler/lita-jira.git
  revision: bf62e561828cd86c3ce7e29fb9f28f7de3854ed0
  specs:
    lita-jira (0.9.0)
      jira-ruby
      lita (>= 4.0)

GIT
  remote: https://github.com/onetwotrip/lita-jenkins.git
  revision: f5c4a5465161dec000bef7515fd2df384c020843
  specs:
    lita-jenkins (0.2.0)
      http
      jenkins_api_client
      lita (>= 3.0)

GIT
  remote: https://github.com/onetwotrip/lita-jira-issues.git
  revision: 028f09f9891a78018792d55ef280e50a555432ee
  specs:
    lita-jira-issues (0.3.0)
      lita (~> 4.0)

GIT
  remote: https://github.com/onetwotrip/lita-log.git
  revision: 447f3fd6285314a53a63501a336772fa6015a7c6
  specs:
    lita-log (0.4.1)
      elasticsearch
      lita (>= 4.3)

GIT
  remote: https://github.com/onetwotrip/lita-punk.git
  revision: f879cba9c0f2b786204983465f0117f870438a08
  specs:
    lita-punk (0.2.2)
      elasticsearch
      lita (>= 4.7)

GIT
  remote: https://github.com/onetwotrip/lita-slack.git
  revision: 5f38c490387e4c5cc1747a2c86d9d1ae9c990311
  specs:
    lita-slack (1.8.0)
      eventmachine
      faraday
      faye-websocket (>= 0.8.0)
      lita (>= 4.7.1)
      multi_json

GEM
  remote: https://rubygems.org/
  specs:
    activemodel (6.1.3.1)
      activesupport (= 6.1.3.1)
    activesupport (6.1.3.1)
      concurrent-ruby (~> 1.0, >= 1.0.2)
      i18n (>= 1.6, < 2)
      minitest (>= 5.1)
      tzinfo (~> 2.0)
      zeitwerk (~> 2.3)
    addressable (2.7.0)
      public_suffix (>= 2.0.2, < 5.0)
    atlassian-jwt (0.2.0)
      jwt (~> 2.1.0)
    chef-utils (16.13.16)
    concurrent-ruby (1.1.8)
    domain_name (0.5.20190701)
      unf (>= 0.0.5, < 1.0.0)
    dotenv (2.7.6)
    elasticsearch (7.12.0)
      elasticsearch-api (= 7.12.0)
      elasticsearch-transport (= 7.12.0)
    elasticsearch-api (7.12.0)
      multi_json
    elasticsearch-transport (7.12.0)
      faraday (~> 1)
      multi_json
    eventmachine (1.2.7)
    faraday (1.4.1)
      faraday-excon (~> 1.1)
      faraday-net_http (~> 1.0)
      faraday-net_http_persistent (~> 1.1)
      multipart-post (>= 1.2, < 3)
      ruby2_keywords (>= 0.0.4)
    faraday-excon (1.1.0)
    faraday-net_http (1.0.1)
    faraday-net_http_persistent (1.1.0)
    faye-websocket (0.11.0)
      eventmachine (>= 0.12.0)
      websocket-driver (>= 0.5.1)
    ffi (1.15.0)
    ffi-compiler (1.0.1)
      ffi (>= 1.0.0)
      rake
    http (4.4.1)
      addressable (~> 2.3)
      http-cookie (~> 1.0)
      http-form_data (~> 2.2)
      http-parser (~> 1.2.0)
    http-accept (1.7.0)
    http-cookie (1.0.3)
      domain_name (~> 0.5)
    http-form_data (2.3.0)
    http-parser (1.2.3)
      ffi-compiler (>= 1.0, < 2.0)
    http_router (0.11.2)
      rack (>= 1.0.0)
      url_mount (~> 0.2.1)
    i18n (1.8.10)
      concurrent-ruby (~> 1.0)
    ice_nine (0.11.2)
    jenkins_api_client (1.5.3)
      json (>= 1.0)
      mixlib-shellout (>= 1.1.0)
      nokogiri (~> 1.6)
      socksify (>= 1.7.0)
      terminal-table (>= 1.4.0)
      thor (>= 0.16.0)
    jira-ruby (2.1.5)
      activesupport
      atlassian-jwt
      multipart-post
      oauth (~> 0.5, >= 0.5.0)
    json (2.5.1)
    jwt (2.1.0)
    lita (4.8.0)
      bundler (>= 2.0)
      faraday (>= 1.0)
      http_router (>= 0.11)
      i18n (>= 1.8)
      ice_nine (>= 0.11)
      multi_json (>= 1.15)
      puma (>= 4.3)
      rack (>= 2.2)
      rb-readline (>= 0.5)
      redis-namespace (>= 1.7)
      thor (>= 1.0)
    lita-trello (0.0.6)
      lita (>= 4.3)
      ruby-trello (~> 1.1)
    lita-whois (1.1.0)
      lita (~> 4.2)
      whois
    lita_dotenv (0.0.3)
      dotenv (~> 2, >= 2.1.1)
      lita (~> 4, >= 4.4.3)
    mime-types (3.3.1)
      mime-types-data (~> 3.2015)
    mime-types-data (3.2021.0225)
    minitest (5.14.4)
    mixlib-shellout (3.2.5)
      chef-utils
    multi_json (1.15.0)
    multipart-post (2.1.1)
    netrc (0.11.0)
    nio4r (2.5.7)
    nokogiri (1.11.3-x86_64-linux)
      racc (~> 1.4)
    oauth (0.5.6)
    public_suffix (4.0.6)
    puma (5.2.2)
      nio4r (~> 2.0)
    racc (1.5.2)
    rack (3.0.4.2)
    rake (13.0.3)
    rb-readline (0.5.5)
    redis (4.2.5)
    redis-namespace (1.8.1)
      redis (>= 3.0.4)
    rest-client (2.1.0)
      http-accept (>= 1.7.0, < 2.0)
      http-cookie (>= 1.0.2, < 2.0)
      mime-types (>= 1.16, < 4.0)
      netrc (~> 0.8)
    ruby-trello (1.6.0)
      activemodel (>= 3.2.0)
      addressable (~> 2.3)
      json
      oauth (>= 0.4.5)
      rest-client (>= 1.8.0)
    ruby2_keywords (0.0.4)
    socksify (1.7.1)
    terminal-table (3.0.0)
      unicode-display_width (~> 1.1, >= 1.1.1)
    thor (1.1.0)
    tzinfo (2.0.4)
      concurrent-ruby (~> 1.0)
    unf (0.1.4)
      unf_ext
    unf_ext (0.0.7.7)
    unicode-display_width (1.7.0)
    url_mount (0.2.1)
      rack
    websocket-driver (0.7.3)
      websocket-extensions (>= 0.1.0)
    websocket-extensions (0.1.5)
    whois (5.0.2)
    zeitwerk (2.4.2)

PLATFORMS
  x86_64-linux

DEPENDENCIES
  lita (~> 4.8)
  lita-jenkins (~> 0.1)!
  lita-jira!
  lita-jira-issues!
  lita-log (~> 0.4)!
  lita-punk!
  lita-slack!
  lita-trello
  lita-whois
  lita_dotenv

RUBY VERSION
   ruby 2.6.3p62

BUNDLED WITH
   2.2.16
