GIT
  remote: https://github.com/esigler/lita-jira.git
  revision: bf62e561828cd86c3ce7e29fb9f28f7de3854ed0
  specs:
    lita-jira (0.9.0)
      jira-ruby
      lita (>= 4.0)

GIT
  remote: https://github.com/onetwotrip/lita-jenkins.git
  revision: cd08a6241b0de04a4b337f7136b5ab576d76c79c
  specs:
    lita-jenkins (0.1.7)
      http
      jenkins_api_client
      lita (>= 3.0)

GIT
  remote: https://github.com/onetwotrip/lita-log.git
  revision: 447f3fd6285314a53a63501a336772fa6015a7c6
  specs:
    lita-log (0.4.1)
      elasticsearch
      lita (>= 4.3)

GIT
  remote: https://github.com/onetwotrip/lita-punk.git
  revision: d5c83b9c1cc4094f6b9f535e7cea4bec1a68533b
  specs:
    lita-punk (0.2.0)
      elasticsearch
      lita (>= 4.7)

GIT
  remote: https://github.com/onetwotrip/lita-slack.git
  revision: 5f38c490387e4c5cc1747a2c86d9d1ae9c990311
  specs:
    lita-slack (1.8.0)
      eventmachine
      faraday
      faye-websocket (>= 0.8.0)
      lita (>= 4.7.1)
      multi_json

GEM
  remote: https://rubygems.org/
  specs:
    activemodel (5.2.1)
      activesupport (= 5.2.1)
    activesupport (5.2.1)
      concurrent-ruby (~> 1.0, >= 1.0.2)
      i18n (>= 0.7, < 2)
      minitest (~> 5.1)
      tzinfo (~> 1.1)
    addressable (2.5.2)
      public_suffix (>= 2.0.2, < 4.0)
    concurrent-ruby (1.0.5)
    domain_name (0.5.20180417)
      unf (>= 0.0.5, < 1.0.0)
    dotenv (2.5.0)
    elasticsearch (6.1.0)
      elasticsearch-api (= 6.1.0)
      elasticsearch-transport (= 6.1.0)
    elasticsearch-api (6.1.0)
      multi_json
    elasticsearch-transport (6.1.0)
      faraday
      multi_json
    eventmachine (1.2.7)
    faraday (0.15.3)
      multipart-post (>= 1.2, < 3)
    faye-websocket (0.10.7)
      eventmachine (>= 0.12.0)
      websocket-driver (>= 0.5.1)
    http (3.3.0)
      addressable (~> 2.3)
      http-cookie (~> 1.0)
      http-form_data (~> 2.0)
      http_parser.rb (~> 0.6.0)
    http-cookie (1.0.3)
      domain_name (~> 0.5)
    http-form_data (2.1.1)
    http_parser.rb (0.6.0)
    http_router (0.11.2)
      rack (>= 1.0.0)
      url_mount (~> 0.2.1)
    i18n (1.1.0)
      concurrent-ruby (~> 1.0)
    ice_nine (0.11.2)
    jenkins_api_client (1.5.3)
      json (>= 1.0)
      mixlib-shellout (>= 1.1.0)
      nokogiri (~> 1.6)
      socksify (>= 1.7.0)
      terminal-table (>= 1.4.0)
      thor (>= 0.16.0)
    jira-ruby (1.6.0)
      activesupport
      multipart-post
      oauth (~> 0.5, >= 0.5.0)
    json (2.1.0)
    lita (4.7.1)
      bundler (>= 1.3)
      faraday (>= 0.8.7)
      http_router (>= 0.11.2)
      i18n (>= 0.6.9)
      ice_nine (>= 0.11.0)
      multi_json (>= 1.7.7)
      puma (>= 2.7.1)
      rack (>= 1.5.2, < 2.0.0)
      rb-readline (>= 0.5.1)
      redis-namespace (>= 1.3.0)
      thor (>= 0.18.1)
    lita-jira-issues (0.3.0)
      lita (~> 4.0)
    lita-trello (0.0.6)
      lita (>= 4.3)
      ruby-trello (~> 1.1)
    lita-whois (1.1.0)
      lita (~> 4.2)
      whois
    lita_dotenv (0.0.3)
      dotenv (~> 2, >= 2.1.1)
      lita (~> 4, >= 4.4.3)
    mime-types (3.2.2)
      mime-types-data (~> 3.2015)
    mime-types-data (3.2018.0812)
    mini_portile2 (2.3.0)
    minitest (5.11.3)
    mixlib-shellout (2.4.0)
    multi_json (1.13.1)
    multipart-post (2.0.0)
    netrc (0.11.0)
    nokogiri (1.8.4)
      mini_portile2 (~> 2.3.0)
    oauth (0.5.4)
    public_suffix (3.0.3)
    puma (3.12.0)
    rack (1.6.10)
    rb-readline (0.5.5)
    redis (4.0.2)
    redis-namespace (1.6.0)
      redis (>= 3.0.4)
    rest-client (2.0.2)
      http-cookie (>= 1.0.2, < 2.0)
      mime-types (>= 1.16, < 4.0)
      netrc (~> 0.8)
    ruby-trello (1.6.0)
      activemodel (>= 3.2.0)
      addressable (~> 2.3)
      json
      oauth (>= 0.4.5)
      rest-client (>= 1.8.0)
    socksify (1.7.1)
    terminal-table (1.8.0)
      unicode-display_width (~> 1.1, >= 1.1.1)
    thor (0.20.0)
    thread_safe (0.3.6)
    tzinfo (1.2.5)
      thread_safe (~> 0.1)
    unf (0.1.4)
      unf_ext
    unf_ext (0.0.7.5)
    unicode-display_width (1.4.0)
    url_mount (0.2.1)
      rack
    websocket-driver (0.7.0)
      websocket-extensions (>= 0.1.0)
    websocket-extensions (0.1.3)
    whois (4.0.7)

PLATFORMS
  ruby

DEPENDENCIES
  lita (~> 4.6)
  lita-jenkins (~> 0.1.0)!
  lita-jira!
  lita-jira-issues
  lita-log (~> 0.4.0)!
  lita-punk!
  lita-slack!
  lita-trello
  lita-whois
  lita_dotenv

RUBY VERSION
   ruby 2.5.1p57

BUNDLED WITH
   1.16.1
